GEM
  remote: https://rubygems.org/
  specs:
    activesupport (4.2.6)
      i18n (~> 0.7)
      json (~> 1.7, >= 1.7.7)
      minitest (~> 5.1)
      thread_safe (~> 0.3, >= 0.3.4)
      tzinfo (~> 1.1)
    aws-sdk (2.2.31)
      aws-sdk-resources (= 2.2.31)
    aws-sdk-core (2.2.31)
      jmespath (~> 1.0)
    aws-sdk-resources (2.2.31)
      aws-sdk-core (= 2.2.31)
    aws-sdk-utils (0.0.9)
      aws-sdk (= 2.2.31)
      cfndsl (= 0.4.0)
      trollop (= 2.1.2)
    aws_config (0.0.2)
    awsecrets (1.2.0)
      aws-sdk (~> 2.1)
      aws_config
    awspec (0.37.4)
      activesupport
      aws-sdk (~> 2.2)
      awsecrets (~> 1)
      rspec (~> 3.0)
      rspec-its
      term-ansicolor
      thor
    cfndsl (0.4.0)
    diff-lcs (1.2.5)
    i18n (0.7.0)
    jmespath (1.2.3)
      json_pure (>= 1.8.1)
    json (1.8.3)
    json_pure (1.8.3)
    minitest (5.8.4)
    rspec (3.4.0)
      rspec-core (~> 3.4.0)
      rspec-expectations (~> 3.4.0)
      rspec-mocks (~> 3.4.0)
    rspec-core (3.4.4)
      rspec-support (~> 3.4.0)
    rspec-expectations (3.4.0)
      diff-lcs (>= 1.2.0, < 2.0)
      rspec-support (~> 3.4.0)
    rspec-its (1.2.0)
      rspec-core (>= 3.0.0)
      rspec-expectations (>= 3.0.0)
    rspec-mocks (3.4.1)
      diff-lcs (>= 1.2.0, < 2.0)
      rspec-support (~> 3.4.0)
    rspec-support (3.4.1)
    term-ansicolor (1.3.2)
      tins (~> 1.0)
    thor (0.19.1)
    thread_safe (0.3.5)
    tins (1.9.0)
    trollop (2.1.2)
    tzinfo (1.2.2)
      thread_safe (~> 0.1)

PLATFORMS
  ruby

DEPENDENCIES
  aws-sdk-utils
  awspec

BUNDLED WITH
   1.11.2
